GEM
  remote: https://rubygems.org/
  specs:
    my_gem (0.1.0)
    rake (10.4.2)

PLATFORMS
  ruby

DEPENDENCIES
  my_gem
  rake
